GEM
  remote: https://rubygems.org/
  specs:
    colored (1.2)
    ethon (0.7.1)
      ffi (>= 1.3.0)
    ffi (1.12.1)
    html-proofer (1.4.0)
      colored (~> 1.2)
      mercenary (~> 0.3.2)
      nokogiri (~> 1.5)
      parallel (~> 1.3)
      typhoeus (~> 0.6.7)
      yell (~> 2.0)
    mercenary (0.3.4)
    mini_portile (0.6.1)
    nokogiri (1.6.4)
      mini_portile (~> 0.6.0)
    parallel (1.3.3)
    rake (10.1.0)
    typhoeus (0.6.9)
      ethon (>= 0.7.1)
    yell (2.0.5)

PLATFORMS
  ruby

DEPENDENCIES
  html-proofer
  rake
